GEM
  remote: http://rubygems.org/
  specs:
    adsf (1.2.1)
      rack (>= 1.0.0)
    coderay (1.1.1)
    colored (1.2)
    commonjs (0.2.7)
    concurrent-ruby (1.0.3)
    cri (2.7.1)
      colored (~> 1.2)
    ffi (1.9.14)
    formatador (0.2.5)
    fssm (0.2.10)
    guard (2.14.0)
      formatador (>= 0.2.4)
      listen (>= 2.7, < 4.0)
      lumberjack (~> 1.0)
      nenv (~> 0.1)
      notiffany (~> 0.0)
      pry (>= 0.9.12)
      shellany (~> 0.0)
      thor (>= 0.18.1)
    guard-compat (1.2.1)
    guard-nanoc (2.1.1)
      guard (~> 2.8)
      guard-compat (~> 1.0)
      nanoc (>= 4.3.8, < 5.0)
    haml (4.0.7)
      tilt
    hamster (3.0.0)
      concurrent-ruby (~> 1.0)
    kramdown (1.13.1)
    less (2.6.0)
      commonjs (~> 0.2.7)
    libv8 (3.16.14.17)
    listen (3.1.5)
      rb-fsevent (~> 0.9, >= 0.9.4)
      rb-inotify (~> 0.9, >= 0.9.7)
      ruby_dep (~> 1.2)
    lumberjack (1.0.10)
    method_source (0.8.2)
    mime-types (3.1)
      mime-types-data (~> 3.2015)
    mime-types-data (3.2016.0521)
    mini_portile2 (2.1.0)
    nanoc (4.4.3)
      cri (~> 2.3)
      hamster (~> 3.0)
      parallel (~> 1.9)
      ref (~> 2.0)
    nenv (0.3.0)
    nokogiri (1.6.8.1)
      mini_portile2 (~> 2.1.0)
    notiffany (0.1.1)
      nenv (~> 0.1)
      shellany (~> 0.0)
    parallel (1.10.0)
    posix-spawn (0.3.12)
    pry (0.10.4)
      coderay (~> 1.1.0)
      method_source (~> 0.8.1)
      slop (~> 3.4)
    pygments.rb (1.0.0)
      posix-spawn (~> 0.3.6)
      yajl-ruby (~> 1.2)
    rack (2.0.1)
    rainpress (1.0)
    rake (12.0.0)
    rb-fsevent (0.9.8)
    rb-inotify (0.9.7)
      ffi (>= 0.5.0)
    ref (2.0.0)
    rpeg-multimarkdown (0.2.2)
    ruby_dep (1.5.0)
    shellany (0.0.1)
    slop (3.6.0)
    stringex (2.6.1)
    therubyracer (0.12.2)
      libv8 (~> 3.16.14.0)
      ref
    thor (0.19.1)
    tilt (2.0.5)
    yajl-ruby (1.3.0)

PLATFORMS
  ruby

DEPENDENCIES
  adsf
  coderay
  fssm
  guard-nanoc
  haml
  kramdown
  less
  mime-types
  nanoc
  nokogiri
  pygments.rb
  rainpress
  rake
  rpeg-multimarkdown
  stringex
  therubyracer

BUNDLED WITH
   1.11.2
